GEM
  remote: https://rubygems.org/
  specs:
    cinch (2.0.6)
    httparty (0.11.0)
      multi_json (~> 1.0)
      multi_xml (>= 0.5.2)
    mini_portile (0.5.1)
    multi_json (1.7.7)
    multi_xml (0.5.4)
    nokogiri (1.6.0-x86-mingw32)
      mini_portile (~> 0.5.0)
    settingslogic (2.0.9)
    snoo (0.1.2)
      httparty
      nokogiri

PLATFORMS
  x86-mingw32

DEPENDENCIES
  cinch
  settingslogic
  snoo
